GIT
  remote: https://github.com/CocoaPods/CLAide.git
  revision: 9ea1ec9a7563f4ea0fe2d23d21d64f1f6336f7a0
  specs:
    claide (0.8.0)

GIT
  remote: https://github.com/CocoaPods/CocoaPods.git
  revision: 3ff7d9208cb0e6e84fca9dae70ed16599cfe3ebd
  specs:
    cocoapods (0.36.0.beta.1)
      activesupport (>= 3.2.15)
      claide (~> 0.8.0)
      cocoapods-core (= 0.36.0.beta.1)
      cocoapods-downloader (~> 0.8.1)
      cocoapods-plugins (~> 0.4.0)
      cocoapods-trunk (~> 0.5.0)
      cocoapods-try (~> 0.4.3)
      colored (~> 1.2)
      escape (~> 0.0.4)
      molinillo (~> 0.2.0)
      nap (~> 0.8)
      open4 (~> 1.3)
      xcodeproj (~> 0.21.0)

GIT
  remote: https://github.com/CocoaPods/Core.git
  revision: 48641bf441ff3ef65b3b3a9899f2a1249e4d0cb3
  specs:
    cocoapods-core (0.36.0.beta.1)
      activesupport (>= 3.2.15)
      fuzzy_match (~> 2.0.4)
      nap (~> 0.8.0)

GIT
  remote: https://github.com/CocoaPods/Xcodeproj.git
  revision: 4bb9040306b4d2550ca252d1b1a85bc06903bb0c
  specs:
    xcodeproj (0.21.0)
      activesupport (>= 3)
      colored (~> 1.2)

GEM
  remote: https://rubygems.org/
  specs:
    activesupport (4.2.0)
      i18n (~> 0.7)
      json (~> 1.7, >= 1.7.7)
      minitest (~> 5.1)
      thread_safe (~> 0.3, >= 0.3.4)
      tzinfo (~> 1.1)
    cocoapods-downloader (0.8.1)
    cocoapods-plugins (0.4.0)
      nap
    cocoapods-trunk (0.5.0)
      nap (>= 0.8)
      netrc (= 0.7.8)
    cocoapods-try (0.4.3)
    colored (1.2)
    escape (0.0.4)
    fuzzy_match (2.0.4)
    i18n (0.7.0)
    json (1.8.2)
    minitest (5.5.1)
    molinillo (0.2.0)
    nap (0.8.0)
    netrc (0.7.8)
    open4 (1.3.4)
    thread_safe (0.3.4)
    tzinfo (1.2.2)
      thread_safe (~> 0.1)

PLATFORMS
  ruby

DEPENDENCIES
  claide!
  cocoapods (>= 0.36.beta)!
  cocoapods-core!
  xcodeproj!
